GEM
  remote: https://rubygems.org/
  specs:
    faker (1.7.3)
      i18n (~> 0.5)
    i18n (0.8.4)
    mysql2 (0.4.7)
    rake (12.0.0)

PLATFORMS
  ruby

DEPENDENCIES
  faker
  mysql2
  rake

BUNDLED WITH
   1.13.6
